GEM
  specs:
    ffi (1.9.10-x86-mingw32)
    jekyll-watch (1.3.1)
      listen (~> 3.0)
    kramdown (1.10.0)
    listen (3.0.6)
      rb-fsevent (>= 0.9.3)
      rb-inotify (>= 0.9.7)
    rb-fsevent (0.9.7)
    rb-inotify (0.9.7)
      ffi (>= 0.5.0)
    rouge (1.10.1)
    wdm (0.1.1)

PLATFORMS
  x86-mingw32

DEPENDENCIES
  jekyll-watch
  kramdown
  rouge
  wdm (~> 0.1.0)

BUNDLED WITH
   1.11.2
